PATH
  remote: .
  specs:
    crashlytics-uber-s3 (0.3.1)
      mime-types (~> 1.17)

GEM
  remote: http://rubygems.org/
  specs:
    addressable (2.3.3)
    coderay (1.0.6)
    cookiejar (0.3.0)
    diff-lcs (1.1.3)
    em-http-request (1.0.3)
      addressable (>= 2.2.3)
      cookiejar
      em-socksify
      eventmachine (>= 1.0.0.beta.4)
      http_parser.rb (>= 0.5.3)
    em-socksify (0.2.1)
      eventmachine (>= 1.0.0.beta.4)
    em-synchrony (1.0.3)
      eventmachine (>= 1.0.0.beta.1)
    eventmachine (1.0.3)
    eventmachine (1.0.3-java)
    http_parser.rb (0.5.3)
    http_parser.rb (0.5.3-java)
    method_source (0.7.1)
    mime-types (1.21)
    pry (0.9.8.4)
      coderay (~> 1.0.5)
      method_source (~> 0.7.1)
      slop (>= 2.4.4, < 3)
    pry (0.9.8.4-java)
      coderay (~> 1.0.5)
      method_source (~> 0.7.1)
      slop (>= 2.4.4, < 3)
      spoon (~> 0.0)
    pry-nav (0.2.0)
      pry (~> 0.9.8.1)
    rake (0.9.2.2)
    rspec (2.7.0)
      rspec-core (~> 2.7.0)
      rspec-expectations (~> 2.7.0)
      rspec-mocks (~> 2.7.0)
    rspec-core (2.7.1)
    rspec-expectations (2.7.0)
      diff-lcs (~> 1.1.2)
    rspec-mocks (2.7.0)
    slop (2.4.4)
    spoon (0.0.1)

PLATFORMS
  java
  ruby

DEPENDENCIES
  crashlytics-uber-s3!
  em-http-request (= 1.0.3)
  em-synchrony (= 1.0.3)
  eventmachine (= 1.0.3)
  pry
  pry-nav
  rake
  rspec (~> 2.7.0)
